GEM
  remote: https://rubygems.org/
  specs:
    foreman (0.78.0)
      thor (~> 0.19.1)
    mustermann (2.0.2)
      ruby2_keywords (~> 0.0.1)
    rack (2.2.4)
    rack-protection (2.2.3)
      rack
    ruby2_keywords (0.0.5)
    sinatra (2.2.3)
      mustermann (~> 2.0)
      rack (~> 2.2)
      rack-protection (= 2.2.3)
      tilt (~> 2.0)
    thor (0.19.1)
    tilt (2.0.11)

PLATFORMS
  ruby

DEPENDENCIES
  foreman
  sinatra

BUNDLED WITH
   1.10.6
